GEM
  remote: https://rubygems.org/
  specs:
    csv (3.2.3)
    optparse (0.2.0)

PLATFORMS
  arm64-darwin-20

DEPENDENCIES
  csv
  optparse

RUBY VERSION
   ruby 2.7.2p137

BUNDLED WITH
   2.3.10
